GEM
  remote: http://rubygems.org/
  specs:
    bootstrap-sass (2.0.3.1)
    chunky_png (1.2.5)
    colored (1.2)
    compass (0.12.1)
      chunky_png (~> 1.2)
      fssm (>= 0.2.7)
      sass (~> 3.1)
    cri (2.3.0)
      colored (>= 1.2)
    fssm (0.2.9)
    i18n (0.6.0)
    nanoc (3.4.0)
      cri (~> 2.2)
    nanoc-filesystem-i18n (0.2.0)
      i18n (>= 0.4.1)
      nanoc (>= 3.1.2)
    rack (1.4.1)
    rack-contrib (1.1.0)
      rack (>= 0.9.1)
    sass (3.1.19)

PLATFORMS
  ruby

DEPENDENCIES
  bootstrap-sass (~> 2.0.2)
  compass
  nanoc
  nanoc-filesystem-i18n
  rack
  rack-contrib
